PATH
  remote: .
  specs:
    changefu (0.0.1)
      activesupport (> 5.0)
      thor (~> 1.0, >= 1.0.1)
      tty-table (~> 0.11, >= 0.11.0)

GEM
  remote: https://rubygems.org/
  specs:
    activesupport (5.2.4.1)
      concurrent-ruby (~> 1.0, >= 1.0.2)
      i18n (>= 0.7, < 2)
      minitest (~> 5.1)
      tzinfo (~> 1.1)
    ast (2.4.0)
    awesome_print (1.8.0)
    coderay (1.1.2)
    concurrent-ruby (1.1.5)
    diff-lcs (1.3)
    equatable (0.6.1)
    i18n (1.8.2)
      concurrent-ruby (~> 1.0)
    jaro_winkler (1.5.4)
    method_source (0.9.2)
    minitest (5.14.0)
    necromancer (0.5.1)
    parallel (1.19.1)
    parser (2.6.5.0)
      ast (~> 2.4.0)
    pastel (0.7.3)
      equatable (~> 0.6)
      tty-color (~> 0.5)
    pry (0.12.2)
      coderay (~> 1.1.0)
      method_source (~> 0.9.0)
    rack (2.0.7)
    rainbow (3.0.0)
    rake (12.3.3)
    rspec (3.9.0)
      rspec-core (~> 3.9.0)
      rspec-expectations (~> 3.9.0)
      rspec-mocks (~> 3.9.0)
    rspec-core (3.9.0)
      rspec-support (~> 3.9.0)
    rspec-expectations (3.9.0)
      diff-lcs (>= 1.2.0, < 2.0)
      rspec-support (~> 3.9.0)
    rspec-mocks (3.9.0)
      diff-lcs (>= 1.2.0, < 2.0)
      rspec-support (~> 3.9.0)
    rspec-support (3.9.0)
    rubocop (0.77.0)
      jaro_winkler (~> 1.5.1)
      parallel (~> 1.10)
      parser (>= 2.6)
      rainbow (>= 2.2.2, < 4.0)
      ruby-progressbar (~> 1.7)
      unicode-display_width (>= 1.4.0, < 1.7)
    rubocop-nosolosoftware (0.1.0)
      rubocop (~> 0.77.0)
      rubocop-performance (~> 1.5.1)
      rubocop-rails (~> 2.4.0)
      rubocop-rake (~> 0.5.0)
      rubocop-rspec (~> 1.37.0)
    rubocop-performance (1.5.1)
      rubocop (>= 0.71.0)
    rubocop-rails (2.4.0)
      rack (>= 1.1)
      rubocop (>= 0.72.0)
    rubocop-rake (0.5.0)
      rubocop
    rubocop-rspec (1.37.0)
      rubocop (>= 0.68.1)
    ruby-progressbar (1.10.1)
    strings (0.1.8)
      strings-ansi (~> 0.1)
      unicode-display_width (~> 1.5)
      unicode_utils (~> 1.4)
    strings-ansi (0.2.0)
    thor (1.0.1)
    thread_safe (0.3.6)
    tty-color (0.5.1)
    tty-screen (0.7.1)
    tty-table (0.11.0)
      equatable (~> 0.6)
      necromancer (~> 0.5)
      pastel (~> 0.7.2)
      strings (~> 0.1.5)
      tty-screen (~> 0.7)
    tzinfo (1.2.6)
      thread_safe (~> 0.1)
    unicode-display_width (1.6.0)
    unicode_utils (1.4.0)

PLATFORMS
  ruby

DEPENDENCIES
  awesome_print
  changefu!
  pry
  rake
  rspec
  rubocop-nosolosoftware

BUNDLED WITH
   2.1.4
